GEM
  remote: https://rubygems.org/
  specs:
    eventmachine (1.0.8)
    faye-websocket (0.10.1)
      eventmachine (>= 0.12.0)
      websocket-driver (>= 0.5.1)
    mini_portile (0.6.2)
    nokogiri (1.6.6.4)
      mini_portile (~> 0.6.0)
    nori (2.6.0)
    simple_upnp (1.0.0)
      nori (~> 2.6)
    websocket-driver (0.6.3)
      websocket-extensions (>= 0.1.0)
    websocket-extensions (0.1.2)

PLATFORMS
  ruby

DEPENDENCIES
  faye-websocket
  nokogiri
  simple_upnp

BUNDLED WITH
   1.10.6
